GEM
  remote: https://rubygems.org/
  specs:
    damerau-levenshtein (1.3.1)

PLATFORMS
  ruby

DEPENDENCIES
  damerau-levenshtein (~> 1.3, >= 1.3.1)

BUNDLED WITH
   1.14.6
